GIT
  remote: https://github.com/bencgreenberg/dev_orbit.git
  revision: b979cc7247f130e1d88d6faf4d378082b7058d06
  branch: debug
  specs:
    dev_orbit (0.0.6)
      actionview (~> 6.1)
      activesupport (~> 6.1)
      http (~> 4.4)
      json (~> 2.5)
      thor (~> 1.1)
      zeitwerk (~> 2.4)

PATH
  remote: .
  specs:
    portfolio-site (1.0.0)
      dotenv
      jekyll (~> 4.2)
      jekyll-data (~> 1.1)
      jekyll-feed (~> 0.12)
      jekyll-gist (~> 1.5)
      jekyll-sitemap (~> 1.3)
      jemoji (~> 0.11)

GEM
  remote: https://rubygems.org/
  specs:
    actionview (6.1.0)
      activesupport (= 6.1.0)
      builder (~> 3.1)
      erubi (~> 1.4)
      rails-dom-testing (~> 2.0)
      rails-html-sanitizer (~> 1.1, >= 1.2.0)
    activesupport (6.1.0)
      concurrent-ruby (~> 1.0, >= 1.0.2)
      i18n (>= 1.6, < 2)
      minitest (>= 5.1)
      tzinfo (~> 2.0)
      zeitwerk (~> 2.3)
    addressable (2.7.0)
      public_suffix (>= 2.0.2, < 5.0)
    builder (3.2.4)
    byebug (11.1.3)
    colorator (1.1.0)
    concurrent-ruby (1.1.7)
    crass (1.0.6)
    domain_name (0.5.20190701)
      unf (>= 0.0.5, < 1.0.0)
    dotenv (2.7.6)
    em-websocket (0.5.2)
      eventmachine (>= 0.12.9)
      http_parser.rb (~> 0.6.0)
    erubi (1.10.0)
    eventmachine (1.2.7)
    faraday (1.3.0)
      faraday-net_http (~> 1.0)
      multipart-post (>= 1.2, < 3)
      ruby2_keywords
    faraday-net_http (1.0.0)
    ffi (1.14.2)
    ffi-compiler (1.0.1)
      ffi (>= 1.0.0)
      rake
    forwardable-extended (2.6.0)
    gemoji (3.0.1)
    html-pipeline (2.14.0)
      activesupport (>= 2)
      nokogiri (>= 1.4)
    http (4.4.1)
      addressable (~> 2.3)
      http-cookie (~> 1.0)
      http-form_data (~> 2.2)
      http-parser (~> 1.2.0)
    http-cookie (1.0.3)
      domain_name (~> 0.5)
    http-form_data (2.3.0)
    http-parser (1.2.3)
      ffi-compiler (>= 1.0, < 2.0)
    http_parser.rb (0.6.0)
    i18n (1.8.7)
      concurrent-ruby (~> 1.0)
    jekyll (4.2.0)
      addressable (~> 2.4)
      colorator (~> 1.0)
      em-websocket (~> 0.5)
      i18n (~> 1.0)
      jekyll-sass-converter (~> 2.0)
      jekyll-watch (~> 2.0)
      kramdown (~> 2.3)
      kramdown-parser-gfm (~> 1.0)
      liquid (~> 4.0)
      mercenary (~> 0.4.0)
      pathutil (~> 0.9)
      rouge (~> 3.0)
      safe_yaml (~> 1.0)
      terminal-table (~> 2.0)
    jekyll-archives (2.2.1)
      jekyll (>= 3.6, < 5.0)
    jekyll-data (1.1.0)
      jekyll (>= 3.3, < 5.0.0)
    jekyll-feed (0.15.1)
      jekyll (>= 3.7, < 5.0)
    jekyll-gist (1.5.0)
      octokit (~> 4.2)
    jekyll-paginate (1.1.0)
    jekyll-sass-converter (2.1.0)
      sassc (> 2.0.1, < 3.0)
    jekyll-seo-tag (2.7.1)
      jekyll (>= 3.8, < 5.0)
    jekyll-sitemap (1.4.0)
      jekyll (>= 3.7, < 5.0)
    jekyll-watch (2.2.1)
      listen (~> 3.0)
    jemoji (0.12.0)
      gemoji (~> 3.0)
      html-pipeline (~> 2.2)
      jekyll (>= 3.0, < 5.0)
    json (2.5.1)
    kramdown (2.3.0)
      rexml
    kramdown-parser-gfm (1.1.0)
      kramdown (~> 2.0)
    liquid (4.0.3)
    listen (3.4.0)
      rb-fsevent (~> 0.10, >= 0.10.3)
      rb-inotify (~> 0.9, >= 0.9.10)
    loofah (2.9.0)
      crass (~> 1.0.2)
      nokogiri (>= 1.5.9)
    mercenary (0.4.0)
    mini_portile2 (2.5.0)
    minitest (5.14.2)
    multipart-post (2.1.1)
    nokogiri (1.11.0)
      mini_portile2 (~> 2.5.0)
      racc (~> 1.4)
    octokit (4.20.0)
      faraday (>= 0.9)
      sawyer (~> 0.8.0, >= 0.5.3)
    pathutil (0.16.2)
      forwardable-extended (~> 2.6)
    public_suffix (4.0.6)
    racc (1.5.2)
    rails-dom-testing (2.0.3)
      activesupport (>= 4.2.0)
      nokogiri (>= 1.6)
    rails-html-sanitizer (1.3.0)
      loofah (~> 2.3)
    rake (13.0.3)
    rb-fsevent (0.10.4)
    rb-inotify (0.10.1)
      ffi (~> 1.0)
    rexml (3.2.4)
    rouge (3.26.0)
    ruby2_keywords (0.0.2)
    safe_yaml (1.0.5)
    sassc (2.4.0)
      ffi (~> 1.9)
    sawyer (0.8.2)
      addressable (>= 2.3.5)
      faraday (> 0.8, < 2.0)
    terminal-table (2.0.0)
      unicode-display_width (~> 1.1, >= 1.1.1)
    thor (1.1.0)
    tzinfo (2.0.4)
      concurrent-ruby (~> 1.0)
    unf (0.1.4)
      unf_ext
    unf_ext (0.0.7.7)
    unicode-display_width (1.7.0)
    zeitwerk (2.4.2)

PLATFORMS
  ruby

DEPENDENCIES
  bundler (~> 2.0)
  byebug
  dev_orbit (~> 0.0.6)!
  jekyll-archives
  jekyll-paginate
  jekyll-seo-tag
  kramdown (>= 2.3.0)
  portfolio-site!
  rake

BUNDLED WITH
   2.1.4
